PATH
  remote: .
  specs:
    Jisho2Anki (1.0)
      nokogiri
      sqlite3

GEM
  remote: https://rubygems.org/
  specs:
    mini_portile2 (2.1.0)
    nokogiri (1.6.8)
      mini_portile2 (~> 2.1.0)
      pkg-config (~> 1.1.7)
    pkg-config (1.1.7)
    power_assert (0.2.6)
    rake (10.4.2)
    sqlite3 (1.3.11)
    test-unit (3.1.5)
      power_assert

PLATFORMS
  ruby

DEPENDENCIES
  Jisho2Anki!
  bundler
  rake
  test-unit

BUNDLED WITH
   1.12.5
